GEM
  remote: http://rubygems.org/
  specs:
    aws-sdk (1.50.0)
      json (~> 1.4)
      nokogiri (>= 1.4.4)
    coderay (1.1.0)
    columnize (0.8.9)
    debugger (1.6.8)
      columnize (>= 0.3.1)
      debugger-linecache (~> 1.2.0)
      debugger-ruby_core_source (~> 1.3.5)
    debugger-linecache (1.2.0)
    debugger-ruby_core_source (1.3.5)
    hashie (2.0.5)
    hirb (0.7.2)
    json (1.8.1)
    method_source (0.8.2)
    mini_portile (0.6.0)
    multi_json (1.9.2)
    nokogiri (1.6.3.1)
      mini_portile (= 0.6.0)
    pry (0.10.0)
      coderay (~> 1.1.0)
      method_source (~> 0.8.1)
      slop (~> 3.4)
    pry-debugger (0.2.3)
      debugger (~> 1.3)
      pry (>= 0.9.10, < 0.11.0)
    rainbow (2.0.0)
    slop (3.5.0)
    thor (0.19.1)

PLATFORMS
  ruby

DEPENDENCIES
  aws-sdk
  hashie
  hirb
  multi_json
  pry-debugger
  rainbow
  thor
