GEM
  remote: http://rubygems.org/
  specs:
    hashie (2.0.5)
    multi_json (1.9.2)

PLATFORMS
  ruby

DEPENDENCIES
  hashie
  multi_json
