GEM
  remote: http://rubygems.org/
  specs:
    aws-sdk (1.50.0)
      json (~> 1.4)
      nokogiri (>= 1.4.4)
    hashie (2.0.5)
    hirb (0.7.2)
    json (1.8.1)
    mini_portile (0.6.0)
    multi_json (1.9.2)
    nokogiri (1.6.3.1)
      mini_portile (= 0.6.0)
    rainbow (2.0.0)
    thor (0.19.1)

PLATFORMS
  ruby

DEPENDENCIES
  aws-sdk
  hashie
  hirb
  multi_json
  rainbow
  thor
